GEM
  remote: https://rubygems.org/
  specs:
    aws-eventstream (1.2.0)
    aws-partitions (1.751.0)
    aws-sdk-core (3.171.0)
      aws-eventstream (~> 1, >= 1.0.2)
      aws-partitions (~> 1, >= 1.651.0)
      aws-sigv4 (~> 1.5)
      jmespath (~> 1, >= 1.6.1)
    aws-sdk-dynamodb (1.84.0)
      aws-sdk-core (~> 3, >= 3.165.0)
      aws-sigv4 (~> 1.1)
    aws-sdk-kms (1.63.0)
      aws-sdk-core (~> 3, >= 3.165.0)
      aws-sigv4 (~> 1.1)
    aws-sdk-s3 (1.121.0)
      aws-sdk-core (~> 3, >= 3.165.0)
      aws-sdk-kms (~> 1)
      aws-sigv4 (~> 1.4)
    aws-sdk-s3control (1.51.0)
      aws-sdk-core (~> 3, >= 3.127.0)
      aws-sigv4 (~> 1.1)
    aws-sdk-sqs (1.53.0)
      aws-sdk-core (~> 3, >= 3.165.0)
      aws-sigv4 (~> 1.1)
    aws-sigv4 (1.5.2)
      aws-eventstream (~> 1, >= 1.0.2)
    digest (3.1.1)
    jmespath (1.6.2)
    pg (1.4.6)
    rake (13.0.6)

PLATFORMS
  x86_64-darwin-21

DEPENDENCIES
  aws-sdk-dynamodb
  aws-sdk-s3
  aws-sdk-s3control
  aws-sdk-sqs
  digest
  pg
  rake (~> 13.0)

BUNDLED WITH
   2.3.22
